GEM
  remote: https://rubygems.org/
  specs:
    concurrent-ruby (1.0.5)
    dry-configurable (0.7.0)
      concurrent-ruby (~> 1.0)
    tdlib-ruby (0.2.0)
      dry-configurable (~> 0.7)

PLATFORMS
  ruby

DEPENDENCIES
  tdlib-ruby

BUNDLED WITH
  1.16.1
